GIT
  remote: git://github.com/guard/guard.git
  revision: 066c54ba0ecf22c5d29b44882b94cce9c2cd2ced
  branch: listen
  specs:
    guard (1.1.0.beta)
      listen (>= 0.4.2)
      thor (>= 0.14.6)

GEM
  remote: http://rubygems.org/
  specs:
    daemons (1.1.8)
    eventmachine (0.12.10)
    fabrication (1.4.0)
    ffi (1.0.11)
    foreman (0.46.0)
      thor (>= 0.13.6)
    guard-bundler (0.1.3)
      bundler (>= 1.0.0)
      guard (>= 0.2.2)
    guard-minitest (0.5.0)
      guard (>= 0.4)
    listen (0.4.2)
      rb-fchange (~> 0.0.5)
      rb-fsevent (~> 0.9.1)
      rb-inotify (~> 0.8.8)
    mime-types (1.18)
    multi_json (1.3.5)
    multi_xml (0.4.4)
    rack (1.4.1)
    rack-parser (0.1.2)
      multi_json
      multi_xml
      rack
    rack-protection (1.2.0)
      rack
    rack-test (0.6.1)
      rack (>= 1.0)
    rb-fchange (0.0.5)
      ffi
    rb-fsevent (0.9.1)
    rb-inotify (0.8.8)
      ffi (>= 0.5.0)
    redis (2.2.2)
    redis-namespace (1.0.3)
      redis (< 3.0.0)
    resque (1.20.0)
      multi_json (~> 1.0)
      redis-namespace (~> 1.0.2)
      sinatra (>= 0.9.2)
      vegas (~> 0.1.2)
    rest-client (1.6.7)
      mime-types (>= 1.16)
    sequel (3.35.0)
    sinatra (1.3.2)
      rack (~> 1.3, >= 1.3.6)
      rack-protection (~> 1.2)
      tilt (~> 1.3, >= 1.3.3)
    sqlite3 (1.3.6)
    streamio-ffmpeg (0.8.5)
    thin (1.3.1)
      daemons (>= 1.0.9)
      eventmachine (>= 0.12.6)
      rack (>= 1.0.0)
    thor (0.15.2)
    tilt (1.3.3)
    vegas (0.1.11)
      rack (>= 1.0.0)
    yajl-ruby (1.1.0)

PLATFORMS
  ruby

DEPENDENCIES
  fabrication
  foreman
  guard!
  guard-bundler
  guard-minitest
  listen
  rack-parser
  rack-test
  resque
  rest-client
  sequel
  sinatra
  sqlite3
  streamio-ffmpeg
  thin
  yajl-ruby
